PATH
  remote: .
  specs:
    ruby-gem (0.1.0)

GEM
  remote: https://rubygems.org/
  specs:
    rake (12.3.3)

PLATFORMS
  ruby

DEPENDENCIES
  bundler (~> 1.13)
  rake (~> 12.3)
  ruby-gem!

BUNDLED WITH
   1.13.5
