GEM
  remote: http://rubygems.org/
  specs:
    json (2.3.0)
    lynx (1.0.0)

PLATFORMS
  ruby

DEPENDENCIES
  json
  lynx (= 1.0.0)

BUNDLED WITH
   1.13.5
