GEM
  remote: http://rubygems.org/
  specs:
    crass (1.0.6)
    lynx (1.0.0)
    mini_portile2 (2.8.5)
    nokogiri (1.16.3)
      mini_portile2 (~> 2.8.2)
      racc (~> 1.4)
    racc (1.7.3)
    sanitize (6.0.2)
      crass (~> 1.0.2)
      nokogiri (>= 1.12.0)
    yard (0.9.36)

PLATFORMS
  ruby

DEPENDENCIES
  lynx (= 1.0.0)
  sanitize (= 6.0.2)
  yard (= 0.9.36)

BUNDLED WITH
   1.16.5
